GEM
  remote: http://rubygems.org/
  specs:
    haml (3.0.15)
    nokogiri (1.4.3.1)

PLATFORMS
  ruby

DEPENDENCIES
  haml
  nokogiri
