GEM
  remote: http://rubygems.org/
  specs:
    activesupport (3.0.6)
    i18n (0.4.2)
    rack (1.2.2)
    serve (1.0.0)
      activesupport (~> 3.0.1)
      i18n (~> 0.4.1)
      rack (~> 1.2.1)
      tzinfo (~> 0.3.23)
    tzinfo (0.3.26)

PLATFORMS
  ruby

DEPENDENCIES
  serve
